PATH
  remote: .
  specs:
    datasift (2.0.4)
      rest-client (~> 1.6.3)
      yajl-ruby (~> 1.1.0)

GEM
  remote: https://rubygems.org/
  specs:
    diff-lcs (1.1.3)
    json (1.8.0)
    mime-types (1.23)
    rdoc (4.0.1)
      json (~> 1.4)
    rest-client (1.6.7)
      mime-types (>= 1.16)
    rspec (2.6.0)
      rspec-core (~> 2.6.0)
      rspec-expectations (~> 2.6.0)
      rspec-mocks (~> 2.6.0)
    rspec-core (2.6.4)
    rspec-expectations (2.6.0)
      diff-lcs (~> 1.1.2)
    rspec-mocks (2.6.0)
    shoulda (2.11.3)
    yajl-ruby (1.1.0)

PLATFORMS
  ruby

DEPENDENCIES
  datasift!
  rdoc (> 0)
  rspec (~> 2.6.0)
  shoulda (~> 2.11.3)
